GEM
  remote: https://rubygems.org/
  specs:
    filewatcher (0.1.5)
      trollop (>= 1.16.2)
    haml (3.1.7)
    rake (0.9.2.2)
    trollop (2.0)

PLATFORMS
  ruby

DEPENDENCIES
  filewatcher
  haml
  rake
